PATH
  remote: .
  specs:
    rabbit_feed (0.3.1)
      activemodel (>= 3.2.0, < 4.2.0)
      activesupport (>= 3.2.0, < 4.2.0)
      avro (>= 1.5.4, < 1.8.0)
      bunny (>= 1.1.9, < 1.7.0)
      connection_pool (< 2.2.0)
      pidfile

GEM
  remote: https://rubygems.org/
  specs:
    activemodel (4.1.8)
      activesupport (= 4.1.8)
      builder (~> 3.1)
    activesupport (4.1.8)
      i18n (~> 0.6, >= 0.6.9)
      json (~> 1.7, >= 1.7.7)
      minitest (~> 5.1)
      thread_safe (~> 0.1)
      tzinfo (~> 1.1)
    amq-protocol (1.9.2)
    avro (1.7.7)
      multi_json
    binding_of_caller (0.7.2)
      debug_inspector (>= 0.0.1)
    bond (0.4.3)
    builder (3.2.2)
    bunny (1.6.3)
      amq-protocol (>= 1.9.2)
    codeclimate-test-reporter (0.2.0)
      simplecov (>= 0.7.1, < 1.0.0)
    coderay (1.1.0)
    columnize (0.3.6)
    connection_pool (2.1.0)
    debug_inspector (0.0.2)
    debugger (1.6.6)
      columnize (>= 0.3.1)
      debugger-linecache (~> 1.2.0)
      debugger-ruby_core_source (~> 1.3.2)
    debugger-linecache (1.2.0)
    debugger-ruby_core_source (1.3.2)
    diff-lcs (1.2.5)
    docile (1.1.2)
    gherkin (2.12.2)
      multi_json (~> 1.3)
    i18n (0.6.11)
    interception (0.3)
    jist (1.5.1)
      json
    json (1.8.1)
    method_source (0.8.2)
    minitest (5.4.3)
    multi_json (1.9.2)
    pidfile (0.3.0)
    pry (0.9.12.4)
      coderay (~> 1.0)
      method_source (~> 0.8)
      slop (~> 3.4)
    pry-debugger (0.2.2)
      debugger (~> 1.3)
      pry (~> 0.9.10)
    pry-doc (0.4.6)
      pry (>= 0.9)
      yard (>= 0.8)
    pry-docmore (0.1.1)
      pry
      pry-doc
    pry-plus (1.0.0)
      bond
      jist
      pry-debugger
      pry-doc
      pry-docmore
      pry-rescue
      pry-stack_explorer
    pry-rescue (1.2.0)
      interception (>= 0.3)
      pry
    pry-stack_explorer (0.4.9.1)
      binding_of_caller (>= 0.7)
      pry (>= 0.9.11)
    rake (10.2.2)
    rspec (2.14.1)
      rspec-core (~> 2.14.0)
      rspec-expectations (~> 2.14.0)
      rspec-mocks (~> 2.14.0)
    rspec-core (2.14.8)
    rspec-expectations (2.14.5)
      diff-lcs (>= 1.1.3, < 2.0)
    rspec-mocks (2.14.6)
    rutabaga (0.0.4)
      turnip (>= 1.1.0)
    simplecov (0.8.2)
      docile (~> 1.1.0)
      multi_json
      simplecov-html (~> 0.8.0)
    simplecov-html (0.8.0)
    slop (3.4.7)
    thread_safe (0.3.4)
    timecop (0.4.4)
    turnip (1.2.1)
      gherkin (>= 2.5)
      rspec (>= 2.0, < 4.0)
    tzinfo (1.2.2)
      thread_safe (~> 0.1)
    yard (0.8.7.3)

PLATFORMS
  ruby

DEPENDENCIES
  codeclimate-test-reporter
  pry-plus
  rabbit_feed!
  rake
  rspec
  rutabaga
  timecop
