PATH
  remote: .
  specs:
    rabbit_feed (0.0.1)
      activemodel
      activesupport
      airbrake
      bunny
      connection_pool

GEM
  remote: https://rubygems.org/
  specs:
    activemodel (4.0.4)
      activesupport (= 4.0.4)
      builder (~> 3.1.0)
    activesupport (4.0.4)
      i18n (~> 0.6, >= 0.6.9)
      minitest (~> 4.2)
      multi_json (~> 1.3)
      thread_safe (~> 0.1)
      tzinfo (~> 0.3.37)
    airbrake (3.1.16)
      builder
      multi_json
    amq-protocol (1.9.2)
    builder (3.1.4)
    bunny (1.2.1)
      amq-protocol (>= 1.9.2)
    connection_pool (2.0.0)
    diff-lcs (1.2.5)
    gherkin (2.12.2)
      multi_json (~> 1.3)
    i18n (0.6.9)
    minitest (4.7.5)
    multi_json (1.9.2)
    rake (10.2.2)
    rspec (2.14.1)
      rspec-core (~> 2.14.0)
      rspec-expectations (~> 2.14.0)
      rspec-mocks (~> 2.14.0)
    rspec-core (2.14.8)
    rspec-expectations (2.14.5)
      diff-lcs (>= 1.1.3, < 2.0)
    rspec-mocks (2.14.6)
    rutabaga (0.0.4)
      turnip (>= 1.1.0)
    thread_safe (0.3.3)
    turnip (1.2.1)
      gherkin (>= 2.5)
      rspec (>= 2.0, < 4.0)
    tzinfo (0.3.39)

PLATFORMS
  ruby

DEPENDENCIES
  rabbit_feed!
  rake
  rutabaga
