PATH
  remote: .
  specs:
    rabbit_feed (0.0.2)
      activemodel
      activesupport
      airbrake
      avro
      bunny
      connection_pool
      pidfile

GEM
  remote: https://rubygems.org/
  specs:
    activemodel (4.1.0)
      activesupport (= 4.1.0)
      builder (~> 3.1)
    activesupport (4.1.0)
      i18n (~> 0.6, >= 0.6.9)
      json (~> 1.7, >= 1.7.7)
      minitest (~> 5.1)
      thread_safe (~> 0.1)
      tzinfo (~> 1.1)
    airbrake (3.1.16)
      builder
      multi_json
    amq-protocol (1.9.2)
    avro (1.7.6)
    builder (3.2.2)
    bunny (1.2.1)
      amq-protocol (>= 1.9.2)
    codeclimate-test-reporter (0.2.0)
      simplecov (>= 0.7.1, < 1.0.0)
    connection_pool (2.0.0)
    diff-lcs (1.2.5)
    docile (1.1.2)
    gherkin (2.12.2)
      multi_json (~> 1.3)
    i18n (0.6.9)
    json (1.8.1)
    minitest (5.3.3)
    multi_json (1.9.2)
    pidfile (0.3.0)
    rake (10.2.2)
    rspec (2.14.1)
      rspec-core (~> 2.14.0)
      rspec-expectations (~> 2.14.0)
      rspec-mocks (~> 2.14.0)
    rspec-core (2.14.8)
    rspec-expectations (2.14.5)
      diff-lcs (>= 1.1.3, < 2.0)
    rspec-mocks (2.14.6)
    rutabaga (0.0.4)
      turnip (>= 1.1.0)
    simplecov (0.8.2)
      docile (~> 1.1.0)
      multi_json
      simplecov-html (~> 0.8.0)
    simplecov-html (0.8.0)
    thread_safe (0.3.3)
    turnip (1.2.1)
      gherkin (>= 2.5)
      rspec (>= 2.0, < 4.0)
    tzinfo (1.1.0)
      thread_safe (~> 0.1)

PLATFORMS
  ruby

DEPENDENCIES
  codeclimate-test-reporter
  rabbit_feed!
  rake
  rutabaga
