PATH
  remote: ../../
  specs:
    rabbit_feed (0.0.2)
      activemodel
      activesupport
      airbrake
      avro
      bunny
      connection_pool
      pidfile

GEM
  remote: https://rubygems.org/
  specs:
    activemodel (4.1.0)
      activesupport (= 4.1.0)
      builder (~> 3.1)
    activesupport (4.1.0)
      i18n (~> 0.6, >= 0.6.9)
      json (~> 1.7, >= 1.7.7)
      minitest (~> 5.1)
      thread_safe (~> 0.1)
      tzinfo (~> 1.1)
    airbrake (3.1.16)
      builder
      multi_json
    amq-protocol (1.9.2)
    avro (1.7.5)
      yajl-ruby
    builder (3.2.2)
    bunny (1.2.1)
      amq-protocol (>= 1.9.2)
    connection_pool (2.0.0)
    diff-lcs (1.2.5)
    i18n (0.6.9)
    json (1.8.1)
    minitest (5.3.3)
    multi_json (1.9.3)
    pidfile (0.3.0)
    rake (10.3.1)
    rspec (2.14.1)
      rspec-core (~> 2.14.0)
      rspec-expectations (~> 2.14.0)
      rspec-mocks (~> 2.14.0)
    rspec-core (2.14.8)
    rspec-expectations (2.14.5)
      diff-lcs (>= 1.1.3, < 2.0)
    rspec-mocks (2.14.6)
    thread_safe (0.3.3)
    tzinfo (1.1.0)
      thread_safe (~> 0.1)
    yajl-ruby (1.2.0)

PLATFORMS
  ruby

DEPENDENCIES
  rabbit_feed!
  rake
  rspec
